GEM
  remote: https://rubygems.org/
  specs:
    daemons (1.1.9)
    net-scp (1.2.1)
      net-ssh (>= 2.6.5)
    net-ssh (2.9.1)

PLATFORMS
  ruby

DEPENDENCIES
  daemons
  net-scp
  net-ssh
